GEM
  remote: https://rubygems.org/
  specs:
    asciidoctor (2.0.15)
    rouge (3.26.0)

PLATFORMS
  x64-mingw32

DEPENDENCIES
  asciidoctor
  rouge

BUNDLED WITH
   2.2.15
